PATH
  remote: .
  specs:
    rangops (0.0.1)

GEM
  remote: https://rubygems.org/
  specs:
    minitest (5.25.5)
    rake (13.3.0)

PLATFORMS
  ruby

DEPENDENCIES
  bundler
  minitest
  rake
  rangops!

BUNDLED WITH
   2.1.4
