PATH
  remote: .
  specs:
    rangops (1.0.0)

GEM
  remote: https://rubygems.org/
  specs:
    minitest (5.25.5)
    rake (13.3.0)

PLATFORMS
  ruby
  x86_64-linux

DEPENDENCIES
  bundler
  minitest
  rake
  rangops!

BUNDLED WITH
   2.6.3
