PATH
  remote: .
  specs:
    rangops (0.0.1)

GEM
  remote: https://rubygems.org/
  specs:
    minitest (5.25.5)
    rake (13.3.0)

PLATFORMS
  ruby

DEPENDENCIES
  bundler (>= 2.0)
  minitest (>= 5.0)
  rake (>= 10.0)
  rangops!

BUNDLED WITH
   2.1.2
